GEM
  remote: https://rubygems.org/
  specs:
    colorize (0.8.1)
    rake (13.0.6)
    rufo (0.13.0)

PLATFORMS
  x86_64-linux

DEPENDENCIES
  colorize
  rake
  rufo

BUNDLED WITH
   2.2.27
